GEM
  remote: https://rubygems.org/
  specs:
    CFPropertyList (2.3.1)
    activesupport (4.2.4)
      i18n (~> 0.7)
      json (~> 1.7, >= 1.7.7)
      minitest (~> 5.1)
      thread_safe (~> 0.3, >= 0.3.4)
      tzinfo (~> 1.1)
    awesome_print (1.6.1)
    builder (3.2.2)
    byebug (5.0.0)
      columnize (= 0.9.0)
    calabash-common (0.0.2)
    calabash-cucumber (0.15.0)
      CFPropertyList
      awesome_print
      bundler (~> 1.3)
      calabash-common (~> 0.0.2)
      cucumber (~> 1.3.17)
      edn (>= 1.0.6, < 2.0)
      geocoder (>= 1.1.8, < 2.0)
      httpclient (>= 2.3.2, < 3.0)
      json
      run_loop (>= 1.5.0, < 2.0)
      sim_launcher (~> 0.4.13)
      slowhandcuke (~> 0.0.3)
    coderay (1.1.0)
    columnize (0.9.0)
    cucumber (1.3.20)
      builder (>= 2.1.2)
      diff-lcs (>= 1.1.3)
      gherkin (~> 2.12)
      multi_json (>= 1.7.5, < 2.0)
      multi_test (>= 0.1.2)
    diff-lcs (1.2.5)
    edn (1.1.0)
    geocoder (1.2.9)
    gherkin (2.12.2)
      multi_json (~> 1.3)
    httparty (0.13.5)
      json (~> 1.8)
      multi_xml (>= 0.5.2)
    httpclient (2.6.0.1)
    i18n (0.7.0)
    json (1.8.3)
    method_source (0.8.2)
    minitest (5.7.0)
    multi_json (1.11.2)
    multi_test (0.1.2)
    multi_xml (0.5.5)
    pry (0.10.1)
      coderay (~> 1.1.0)
      method_source (~> 0.8.1)
      slop (~> 3.4)
    pry-byebug (3.2.0)
      byebug (~> 5.0)
      pry (~> 0.10)
    rack (1.6.4)
    rack-protection (1.5.3)
      rack
    recursive-open-struct (0.6.5)
    retriable (2.0.2)
    rspec-expectations (3.3.1)
      diff-lcs (>= 1.2.0, < 2.0)
      rspec-support (~> 3.3.0)
    rspec-support (3.3.0)
    run_loop (1.5.0)
      CFPropertyList (~> 2.2)
      awesome_print (~> 1.2)
      json (~> 1.8)
      retriable (>= 1.3.3.1, < 2.1)
      thor (>= 0.18.1, < 1.0)
    sim_launcher (0.4.13)
      sinatra
    sinatra (1.4.6)
      rack (~> 1.4)
      rack-protection (~> 1.4)
      tilt (>= 1.3, < 3)
    slop (3.6.0)
    slowhandcuke (0.0.3)
      cucumber
    thor (0.19.1)
    thread_safe (0.3.5)
    tilt (2.0.1)
    timeout (0.0.1)
      timeout-extensions
    timeout-extensions (0.0.0)
    tzinfo (1.2.2)
      thread_safe (~> 0.1)

PLATFORMS
  ruby

DEPENDENCIES
  activesupport
  calabash-cucumber
  httparty
  pry-byebug
  recursive-open-struct
  rspec-expectations
  timeout

BUNDLED WITH
   1.10.6
